GEM
  remote: https://rubygems.org/
  specs:
    ast (2.3.0)
    database_cleaner (1.6.2)
    diff-lcs (1.3)
    mustermann (1.0.1)
    parallel (1.12.0)
    parser (2.4.0.2)
      ast (~> 2.3)
    pg (0.20.0)
    powerpack (0.1.1)
    rack (2.0.3)
    rack-protection (2.0.0)
      rack
    rainbow (2.2.2)
      rake
    rake (12.3.0)
    rspec (3.6.0)
      rspec-core (~> 3.6.0)
      rspec-expectations (~> 3.6.0)
      rspec-mocks (~> 3.6.0)
    rspec-core (3.6.0)
      rspec-support (~> 3.6.0)
    rspec-expectations (3.6.0)
      diff-lcs (>= 1.2.0, < 2.0)
      rspec-support (~> 3.6.0)
    rspec-mocks (3.6.0)
      diff-lcs (>= 1.2.0, < 2.0)
      rspec-support (~> 3.6.0)
    rspec-support (3.6.0)
    rubocop (0.51.0)
      parallel (~> 1.10)
      parser (>= 2.3.3.1, < 3.0)
      powerpack (~> 0.1)
      rainbow (>= 2.2.2, < 3.0)
      ruby-progressbar (~> 1.7)
      unicode-display_width (~> 1.0, >= 1.0.1)
    ruby-progressbar (1.9.0)
    sequel (4.44.0)
    sinatra (2.0.0)
      mustermann (~> 1.0)
      rack (~> 2.0)
      rack-protection (= 2.0.0)
      tilt (~> 2.0)
    tilt (2.0.8)
    unicode-display_width (1.3.0)

PLATFORMS
  ruby

DEPENDENCIES
  database_cleaner
  pg
  rake
  rspec
  rubocop
  sequel
  sinatra

RUBY VERSION
   ruby 2.4.1p111

BUNDLED WITH
   1.14.6
