GEM
  remote: https://rubygems.org/
  specs:
    diff-lcs (1.3)
    pg (0.20.0)
    rake (12.3.0)
    rspec (3.6.0)
      rspec-core (~> 3.6.0)
      rspec-expectations (~> 3.6.0)
      rspec-mocks (~> 3.6.0)
    rspec-core (3.6.0)
      rspec-support (~> 3.6.0)
    rspec-expectations (3.6.0)
      diff-lcs (>= 1.2.0, < 2.0)
      rspec-support (~> 3.6.0)
    rspec-mocks (3.6.0)
      diff-lcs (>= 1.2.0, < 2.0)
      rspec-support (~> 3.6.0)
    rspec-support (3.6.0)
    sequel (4.44.0)

PLATFORMS
  ruby

DEPENDENCIES
  pg
  rake
  rspec
  sequel

RUBY VERSION
   ruby 2.4.1p111

BUNDLED WITH
   1.14.6
